GIT
  remote: git://github.com/GCorbel/frontendeditor.git
  revision: e1d0e10cae7001101b356c35e6bb85047232e98f
  specs:
    frontendeditor (0.0.1)

GIT
  remote: git://github.com/GCorbel/frontendeditor_ckeditor.git
  revision: e38c20d733656c4589c891286a89e3ca0f01fec8
  specs:
    frontendeditor_ckeditor (0.0.1)

GIT
  remote: git://github.com/lafeber/ckeditor.git
  revision: 79d25835c3aa62c647e1d71d8c8ebefb2f4a393b
  specs:
    ckeditor (3.7.3)
      mime-types
      orm_adapter

GEM
  remote: http://rubygems.org/
  specs:
    mime-types (1.19)
    orm_adapter (0.4.0)

PLATFORMS
  ruby

DEPENDENCIES
  ckeditor!
  frontendeditor!
  frontendeditor_ckeditor!
